PATH
  remote: .
  specs:
    fluent-plugin-formatter-protobuf (0.0.1)
      fluentd (>= 1.0, < 2)
      google-protobuf (~> 3.18)

GEM
  remote: https://rubygems.org/
  specs:
    concurrent-ruby (1.1.9)
    cool.io (1.7.1)
    fluentd (1.14.1)
      bundler
      cool.io (>= 1.4.5, < 2.0.0)
      http_parser.rb (>= 0.5.1, < 0.8.0)
      msgpack (>= 1.3.1, < 2.0.0)
      serverengine (>= 2.2.2, < 3.0.0)
      sigdump (~> 0.2.2)
      strptime (>= 0.2.2, < 1.0.0)
      tzinfo (>= 1.0, < 3.0)
      tzinfo-data (~> 1.0)
      webrick (>= 1.4.2, < 1.8.0)
      yajl-ruby (~> 1.0)
    google-protobuf (3.18.1-x86_64-linux)
    http_parser.rb (0.7.0)
    msgpack (1.4.2)
    power_assert (2.0.1)
    rake (13.0.6)
    serverengine (2.2.4)
      sigdump (~> 0.2.2)
    sigdump (0.2.4)
    strptime (0.2.5)
    test-unit (3.3.9)
      power_assert
    tzinfo (2.0.4)
      concurrent-ruby (~> 1.0)
    tzinfo-data (1.2021.3)
      tzinfo (>= 1.0.0)
    webrick (1.7.0)
    yajl-ruby (1.4.1)

PLATFORMS
  x86_64-linux

DEPENDENCIES
  bundler (~> 2.2.22)
  fluent-plugin-formatter-protobuf!
  rake (~> 13.0.3)
  test-unit (~> 3.3.7)

BUNDLED WITH
   2.2.29
